GEM
  remote: https://rubygems.org/
  specs:
    faraday (0.9.1)
      multipart-post (>= 1.2, < 3)
    faraday-digestauth (0.2.0)
      faraday (~> 0.7)
      net-http-digest_auth (~> 1.4)
    multipart-post (2.0.0)
    net-http-digest_auth (1.4)
    rubyzip (1.1.6)

PLATFORMS
  ruby

DEPENDENCIES
  faraday
  faraday-digestauth
  rubyzip
