PATH
  remote: .
  specs:
    roku_builder (3.1.2)
      faraday (~> 0.9)
      faraday-digestauth (~> 0.2)
      git (~> 1.2.9)
      rubyzip (~> 1.1)

GEM
  remote: https://rubygems.org/
  specs:
    byebug (3.5.1)
      columnize (~> 0.8)
      debugger-linecache (~> 1.2)
      slop (~> 3.6)
    columnize (0.9.0)
    debugger-linecache (1.2.0)
    faraday (0.9.2)
      multipart-post (>= 1.2, < 3)
    faraday-digestauth (0.2.1)
      faraday (~> 0.7)
      net-http-digest_auth (~> 1.4)
    git (1.2.9.1)
    minitest (5.8.4)
    multipart-post (2.0.0)
    net-http-digest_auth (1.4)
    rake (10.4.2)
    rubyzip (1.1.6)
    slop (3.6.0)

PLATFORMS
  ruby

DEPENDENCIES
  bundler (~> 1.7)
  byebug (~> 3.5)
  minitest (~> 5.8)
  rake (~> 10.0)
  roku_builder!
