GEM
  remote: https://rubygems.org/
  specs:
    byebug (3.5.1)
      columnize (~> 0.8)
      debugger-linecache (~> 1.2)
      slop (~> 3.6)
    columnize (0.9.0)
    debugger-linecache (1.2.0)
    faraday (0.9.1)
      multipart-post (>= 1.2, < 3)
    faraday-digestauth (0.2.0)
      faraday (~> 0.7)
      net-http-digest_auth (~> 1.4)
    git (1.2.9.1)
    multipart-post (2.0.0)
    net-http-digest_auth (1.4)
    rubyzip (1.1.6)
    slop (3.6.0)

PLATFORMS
  ruby

DEPENDENCIES
  byebug
  faraday
  faraday-digestauth
  git
  rubyzip
